GEM
  remote: http://rubygems.org/
  specs:
    activerecord (2.3.12)
      activesupport (= 2.3.12)
    activesupport (2.3.12)
    cloud-crowd (0.6.2)
      activerecord (~> 2.3)
      json (>= 1.1.7)
      rest-client (>= 1.4)
      sinatra (~> 0.9)
      thin (>= 1.2.4)
    daemons (1.1.4)
    eventmachine (0.12.10)
    json (1.5.3)
    mime-types (1.16)
    rack (1.3.0)
    rest-client (1.6.3)
      mime-types (>= 1.16)
    sinatra (0.9.6)
      rack (>= 0.9.1)
    thin (1.2.11)
      daemons (>= 1.0.9)
      eventmachine (>= 0.12.6)
      rack (>= 1.0.0)

PLATFORMS
  ruby

DEPENDENCIES
  cloud-crowd
  thin
